GEM
  remote: https://rubygems.org/
  specs:
    eventmachine (1.2.7)
    json (2.7.1)
    jwt (2.7.1)
    ruby-mysql (4.1.0)
    websocket (1.2.10)
    websocket-eventmachine-base (1.2.0)
      eventmachine (~> 1.0)
      websocket (~> 1.0)
      websocket-native (~> 1.0)
    websocket-eventmachine-server (1.0.1)
      websocket-eventmachine-base (~> 1.0)
    websocket-native (1.0.0)

PLATFORMS
  x86_64-darwin-22

DEPENDENCIES
  json
  jwt
  ruby-mysql
  websocket-eventmachine-server

RUBY VERSION
   ruby 3.2.2p53

BUNDLED WITH
   2.4.10
